GEM
  remote: https://rubygems.org/
  specs:
    aasm (5.1.1)
      concurrent-ruby (~> 1.0)
    concurrent-ruby (1.1.7)

PLATFORMS
  ruby

DEPENDENCIES
  aasm

BUNDLED WITH
   1.17.2
